PATH
  remote: .
  specs:
    buildr-examples (0.0.3)
      buildr (~> 1.4.6)
      ivy4r (~> 0.12.10)

GEM
  remote: http://rubygems.org/
  specs:
    Antwrap (0.7.0-java)
      hoe (>= 1.3.0)
    atoulme-Antwrap (0.7.1-java)
    bouncy-castle-java (1.5.0146.1)
    builder (2.1.2)
    buildr (1.4.6-java)
      atoulme-Antwrap (= 0.7.1)
      builder (= 2.1.2)
      diff-lcs (= 1.1.2)
      highline (= 1.5.1)
      hoe (= 2.3.3)
      jruby-openssl (>= 0.7)
      json_pure (= 1.4.3)
      minitar (= 0.5.3)
      net-sftp (= 2.0.4)
      net-ssh (= 2.0.23)
      rake (= 0.8.7)
      rspec (= 2.1.0)
      rspec-core (= 2.1.0)
      rspec-expectations (= 2.1.0)
      rspec-mocks (= 2.1.0)
      rubyforge (= 2.0.3)
      rubyzip (= 0.9.4)
      xml-simple (= 1.0.12)
    cucumber (1.1.9)
      builder (>= 2.1.2)
      diff-lcs (>= 1.1.2)
      gherkin (~> 2.9.0)
      json (>= 1.4.6)
      term-ansicolor (>= 1.0.6)
    diff-lcs (1.1.2)
    facets (2.9.3)
    gherkin (2.9.0-java)
      json (>= 1.4.6)
    highline (1.5.1)
    hoe (2.3.3)
      rake (>= 0.8.7)
      rubyforge (>= 1.0.4)
    ivy4r (0.12.10)
      Antwrap (>= 0.7.0)
      facets (>= 2.9.0)
      ivy4r-jars (>= 1.2.0)
    ivy4r-jars (1.2.0)
    jruby-openssl (0.7.6.1)
      bouncy-castle-java (>= 1.5.0146.1)
    json (1.6.5-java)
    json_pure (1.4.3)
    minitar (0.5.3)
    net-sftp (2.0.4)
      net-ssh (>= 2.0.9)
    net-ssh (2.0.23)
    rake (0.8.7)
    rspec (2.1.0)
      rspec-core (~> 2.1.0)
      rspec-expectations (~> 2.1.0)
      rspec-mocks (~> 2.1.0)
    rspec-core (2.1.0)
    rspec-expectations (2.1.0)
      diff-lcs (~> 1.1.2)
    rspec-mocks (2.1.0)
    rubyforge (2.0.3)
      json_pure (>= 1.1.7)
    rubyzip (0.9.4)
    term-ansicolor (1.0.7)
    xml-simple (1.0.12)

PLATFORMS
  java

DEPENDENCIES
  buildr-examples!
  cucumber (~> 1.1.9)
